GEM
  remote: https://rubygems.org/
  specs:
    geokit (1.9.0)
      multi_json (>= 1.3.2)
    multi_json (1.10.1)
    openssl (1.0.0.beta)
    rack (1.5.2)
    rack-protection (1.5.3)
      rack
    sinatra (1.4.5)
      rack (~> 1.4)
      rack-protection (~> 1.4)
      tilt (~> 1.3, >= 1.3.4)
    tilt (1.4.1)
    timezone (0.3.2)

PLATFORMS
  ruby

DEPENDENCIES
  geokit
  openssl
  sinatra
  timezone
